GEM
  remote: https://rubygems.org/
  specs:
    celluloid (0.16.0.pre)
      timers (~> 2.0.0)
    coderay (1.1.0)
    ffi (1.9.3)
    formatador (0.2.5)
    guard (2.6.1)
      formatador (>= 0.2.4)
      listen (~> 2.7)
      lumberjack (~> 1.0)
      pry (>= 0.9.12)
      thor (>= 0.18.1)
    guard-haskell (2.0.0)
      guard (>= 2.1.1)
    hitimes (1.2.1)
    listen (2.7.8)
      celluloid (>= 0.15.2)
      rb-fsevent (>= 0.9.3)
      rb-inotify (>= 0.9)
    lumberjack (1.0.7)
    method_source (0.8.2)
    pry (0.10.0)
      coderay (~> 1.1.0)
      method_source (~> 0.8.1)
      slop (~> 3.4)
    rb-fsevent (0.9.4)
    rb-inotify (0.9.5)
      ffi (>= 0.5.0)
    slop (3.5.0)
    thor (0.19.1)
    timers (2.0.0)
      hitimes

PLATFORMS
  ruby

DEPENDENCIES
  guard-haskell (~> 2.0)
